PATH
  remote: .
  specs:
    omniauth-teachfirst (0.1.0)
      omniauth (>= 1.1.1)
      omniauth-oauth2 (>= 1.5, < 2.0)

GEM
  remote: https://rubygems.org/
  specs:
    diff-lcs (1.3)
    faraday (1.0.1)
      multipart-post (>= 1.2, < 3)
    hashie (5.0.0)
    jwt (2.3.0)
    multi_xml (0.6.0)
    multipart-post (2.2.3)
    oauth2 (2.0.7)
      faraday (>= 0.17.3, < 3.0)
      jwt (>= 1.0, < 3.0)
      multi_xml (~> 0.5)
      rack (>= 1.2, < 3)
      rash_alt (>= 0.4, < 1)
      version_gem (~> 1.1)
    omniauth (2.1.0)
      hashie (>= 3.4.6)
      rack (>= 2.2.3)
      rack-protection
    omniauth-oauth2 (1.8.0)
      oauth2 (>= 1.4, < 3)
      omniauth (~> 2.0)
    rack (2.2.4)
    rack-protection (2.2.2)
      rack
    rake (10.5.0)
    rash_alt (0.4.12)
      hashie (>= 3.4)
    rspec (3.8.0)
      rspec-core (~> 3.8.0)
      rspec-expectations (~> 3.8.0)
      rspec-mocks (~> 3.8.0)
    rspec-core (3.8.0)
      rspec-support (~> 3.8.0)
    rspec-expectations (3.8.3)
      diff-lcs (>= 1.2.0, < 2.0)
      rspec-support (~> 3.8.0)
    rspec-mocks (3.8.0)
      diff-lcs (>= 1.2.0, < 2.0)
      rspec-support (~> 3.8.0)
    rspec-support (3.8.0)
    version_gem (1.1.0)

PLATFORMS
  ruby

DEPENDENCIES
  bundler (~> 1.17)
  omniauth-teachfirst!
  rake (~> 10.0)
  rspec (~> 3.0)

BUNDLED WITH
   1.17.2
